PATH
  remote: .
  specs:
    codeclimate (0.0.1)
      activesupport (~> 4.2, >= 4.2.1)
      docker-api (~> 1.21, >= 1.21.4)
      faraday (~> 0.9.1)
      faraday_middleware (~> 0.9.1)
      highline (~> 1.7, >= 1.7.2)
      pry (~> 0.10.1)
      rainbow (~> 2.0, >= 2.0.0)
      safe_yaml (~> 1.0, >= 1.0.4)

GEM
  remote: https://rubygems.org/
  specs:
    activesupport (4.2.1)
      i18n (~> 0.7)
      json (~> 1.7, >= 1.7.7)
      minitest (~> 5.1)
      thread_safe (~> 0.3, >= 0.3.4)
      tzinfo (~> 1.1)
    ansi (1.5.0)
    builder (3.2.2)
    coderay (1.1.0)
    docker-api (1.21.4)
      excon (>= 0.38.0)
      json
    excon (0.45.3)
    faraday (0.9.1)
      multipart-post (>= 1.2, < 3)
    faraday_middleware (0.9.1)
      faraday (>= 0.7.4, < 0.10)
    highline (1.7.2)
    i18n (0.7.0)
    json (1.8.2)
    metaclass (0.0.4)
    method_source (0.8.2)
    minitest (5.6.0)
    minitest-reporters (1.0.11)
      ansi
      builder
      minitest (>= 5.0)
      ruby-progressbar
    mocha (1.1.0)
      metaclass (~> 0.0.1)
    multipart-post (2.0.0)
    pry (0.10.1)
      coderay (~> 1.1.0)
      method_source (~> 0.8.1)
      slop (~> 3.4)
    rack (1.6.0)
    rack-test (0.6.3)
      rack (>= 1.0)
    rainbow (2.0.0)
    ruby-progressbar (1.7.5)
    safe_yaml (1.0.4)
    slop (3.6.0)
    thread_safe (0.3.5)
    tzinfo (1.2.2)
      thread_safe (~> 0.1)

PLATFORMS
  ruby

DEPENDENCIES
  codeclimate!
  minitest
  minitest-reporters
  mocha
  rack-test

BUNDLED WITH
   1.10.2
