GEM
  remote: https://rubygems.org/
  specs:
    activesupport (4.2.1)
      i18n (~> 0.7)
      json (~> 1.7, >= 1.7.7)
      minitest (~> 5.1)
      thread_safe (~> 0.3, >= 0.3.4)
      tzinfo (~> 1.1)
    ansi (1.5.0)
    builder (3.2.2)
    codeclimate-yaml (0.0.2)
      secure_string
    coderay (1.1.0)
    highline (1.7.2)
    i18n (0.7.0)
    json (1.8.3)
    metaclass (0.0.4)
    method_source (0.8.2)
    minitest (5.6.0)
    minitest-reporters (1.0.11)
      ansi
      builder
      minitest (>= 5.0)
      ruby-progressbar
    mocha (1.1.0)
      metaclass (~> 0.0.1)
    posix-spawn (0.3.11)
    pry (0.10.1)
      coderay (~> 1.1.0)
      method_source (~> 0.8.1)
      slop (~> 3.4)
    rack (1.6.0)
    rack-test (0.6.3)
      rack (>= 1.0)
    rainbow (2.0.0)
    ruby-progressbar (1.7.5)
    safe_yaml (1.0.4)
    secure_string (1.3.3)
    slop (3.6.0)
    thread_safe (0.3.5)
    tzinfo (1.2.2)
      thread_safe (~> 0.1)

PLATFORMS
  ruby

DEPENDENCIES
  activesupport (~> 4.2.1)
  codeclimate-yaml
  highline
  minitest
  minitest-reporters
  mocha
  posix-spawn (~> 0.3)
  pry (~> 0.10.1)
  rack-test
  rainbow (~> 2.0)
  safe_yaml (~> 1.0)

BUNDLED WITH
   1.10.2
